GEM
  remote: https://rubygems.org/
  specs:

PLATFORMS
  arm64-darwin-23
  ruby

DEPENDENCIES

BUNDLED WITH
   2.5.7

gem 'jekyll', '~> 4.0'
